PATH
  remote: .
  specs:
    enterprise_script_service (0.2.1)
      msgpack (~> 1.0)

GEM
  remote: https://rubygems.org/
  specs:
    diff-lcs (1.5.1)
    domain_name (0.5.20190701)
      unf (>= 0.0.5, < 1.0.0)
    highline (2.0.3)
    http-accept (1.7.0)
    http-cookie (1.0.5)
      domain_name (~> 0.5)
    json_pure (2.3.1)
    mime-types (3.5.2)
      mime-types-data (~> 3.2015)
    mime-types-data (3.2024.0305)
    msgpack (1.7.2)
    netrc (0.11.0)
    package_cloud (0.3.14)
      highline (~> 2.0.0)
      json_pure (~> 2.3.0)
      rainbow (= 2.2.2)
      rest-client (~> 2.0)
      thor (~> 1.2)
    rainbow (2.2.2)
      rake
    rake (13.2.1)
    rake-compiler (0.9.9)
      rake
    rest-client (2.1.0)
      http-accept (>= 1.7.0, < 2.0)
      http-cookie (>= 1.0.2, < 2.0)
      mime-types (>= 1.16, < 4.0)
      netrc (~> 0.8)
    rspec (3.13.0)
      rspec-core (~> 3.13.0)
      rspec-expectations (~> 3.13.0)
      rspec-mocks (~> 3.13.0)
    rspec-core (3.13.0)
      rspec-support (~> 3.13.0)
    rspec-expectations (3.13.0)
      diff-lcs (>= 1.2.0, < 2.0)
      rspec-support (~> 3.13.0)
    rspec-mocks (3.13.0)
      diff-lcs (>= 1.2.0, < 2.0)
      rspec-support (~> 3.13.0)
    rspec-support (3.13.1)
    thor (1.2.2)
    unf (0.1.4)
      unf_ext
    unf_ext (0.0.9.1)

PLATFORMS
  ruby

DEPENDENCIES
  bundler
  domain_name (~> 0.5.20190701)
  enterprise_script_service!
  package_cloud
  rake
  rake-compiler (~> 0.9)
  rspec (~> 3.5)
  thor (~> 1.2.2)

BUNDLED WITH
   2.5.7
